GIT
  remote: https://github.com/S-H-GAMELINKS/kisa.git
  revision: 9bcc3cccd289057d2091530bac74717f5e8e718d
  branch: master
  specs:
    kisa (0.1.0)

GEM
  remote: https://rubygems.org/
  specs:
    actionpack (7.0.4)
      actionview (= 7.0.4)
      activesupport (= 7.0.4)
      rack (~> 2.0, >= 2.2.0)
      rack-test (>= 0.6.3)
      rails-dom-testing (~> 2.0)
      rails-html-sanitizer (~> 1.0, >= 1.2.0)
    actionview (7.0.4)
      activesupport (= 7.0.4)
      builder (~> 3.1)
      erubi (~> 1.4)
      rails-dom-testing (~> 2.0)
      rails-html-sanitizer (~> 1.1, >= 1.2.0)
    activemodel (7.0.4)
      activesupport (= 7.0.4)
    activerecord (7.0.4)
      activemodel (= 7.0.4)
      activesupport (= 7.0.4)
    activesupport (7.0.4)
      concurrent-ruby (~> 1.0, >= 1.0.2)
      i18n (>= 1.6, < 2)
      minitest (>= 5.1)
      tzinfo (~> 2.0)
    base64 (0.3.0)
    bigdecimal (3.2.2)
    builder (3.2.4)
    concurrent-ruby (1.1.10)
    crass (1.0.6)
    dotenv (2.8.1)
    dotenv-rails (2.8.1)
      dotenv (= 2.8.1)
      railties (>= 3.2)
    erubi (1.12.0)
    faraday (2.13.2)
      faraday-net_http (>= 2.0, < 3.5)
      json
      logger
    faraday-net_http (3.4.1)
      net-http (>= 0.5.0)
    i18n (1.12.0)
      concurrent-ruby (~> 1.0)
    json (2.12.2)
    logger (1.7.0)
    loofah (2.19.1)
      crass (~> 1.0.2)
      nokogiri (>= 1.5.9)
    method_source (1.0.0)
    mini_portile2 (2.8.1)
    minitest (5.17.0)
    mutex_m (0.3.0)
    net-http (0.6.0)
      uri
    nokogiri (1.13.10)
      mini_portile2 (~> 2.8.0)
      racc (~> 1.4)
    racc (1.6.2)
    rack (2.2.5)
    rack-test (2.0.2)
      rack (>= 1.3)
    rails-dom-testing (2.0.3)
      activesupport (>= 4.2.0)
      nokogiri (>= 1.6)
    rails-html-sanitizer (1.4.4)
      loofah (~> 2.19, >= 2.19.1)
    railties (7.0.4)
      actionpack (= 7.0.4)
      activesupport (= 7.0.4)
      method_source
      rake (>= 12.2)
      thor (~> 1.0)
      zeitwerk (~> 2.5)
    rake (13.0.6)
    sqlite3 (1.7.3)
      mini_portile2 (~> 2.8.0)
    thor (1.2.1)
    tzinfo (2.0.5)
      concurrent-ruby (~> 1.0)
    uri (1.0.3)
    zeitwerk (2.6.6)

PLATFORMS
  x86_64-linux

DEPENDENCIES
  activerecord (~> 7.0)
  base64 (~> 0.3.0)
  bigdecimal (~> 3.2)
  dotenv-rails
  faraday (~> 2.13)
  kisa!
  mutex_m (~> 0.3.0)
  sqlite3 (~> 1.4)

BUNDLED WITH
   2.3.26
